GEM
  remote: https://rubygems.org/
  specs:
    base64 (0.2.0)
    bigdecimal (3.1.8)
    debug (1.9.2)
      irb (~> 1.10)
      reline (>= 0.3.8)
    excon (0.110.0)
    io-console (0.7.2)
    irb (1.13.2)
      rdoc (>= 4.0.0)
      reline (>= 0.4.2)
    multi_json (1.15.0)
    oj (3.16.4)
      bigdecimal (>= 3.0)
    psych (5.1.2)
      stringio
    rdoc (6.7.0)
      psych (>= 4.0.0)
    reline (0.5.9)
      io-console (~> 0.5)
    stringio (3.1.1)

PLATFORMS
  arm64-darwin-23
  ruby

DEPENDENCIES
  base64
  debug
  excon
  multi_json
  oj

BUNDLED WITH
   2.5.13
